GEM
  remote: https://rubygems.org/
  specs:
    addressable (2.7.0)
      public_suffix (>= 2.0.2, < 5.0)
    capybara (3.15.1)
      addressable
      mini_mime (>= 0.1.3)
      nokogiri (~> 1.8)
      rack (>= 1.6.0)
      rack-test (>= 0.6.3)
      regexp_parser (~> 1.2)
      xpath (~> 3.2)
    childprocess (3.0.0)
    mini_mime (1.0.2)
    mini_portile2 (2.4.0)
    nokogiri (1.10.9)
      mini_portile2 (~> 2.4.0)
    public_suffix (4.0.5)
    rack (2.2.2)
    rack-test (1.1.0)
      rack (>= 1.0, < 3)
    regexp_parser (1.7.0)
    rubyzip (1.3.0)
    selenium-webdriver (3.142.7)
      childprocess (>= 0.5, < 4.0)
      rubyzip (>= 1.2.2)
    xpath (3.2.0)
      nokogiri (~> 1.8)

PLATFORMS
  ruby

DEPENDENCIES
  capybara
  nokogiri
  selenium-webdriver

BUNDLED WITH
   1.17.2
